GEM
  remote: https://rubygems.org/
  specs:
    domain_name (0.5.23)
      unf (>= 0.0.5, < 1.0.0)
    http-cookie (1.0.2)
      domain_name (~> 0.5)
    iron_core (1.0.7)
      rest (>= 3.0.4)
    iron_mq (5.0.1)
      iron_core (>= 0.5.1)
    json (1.8.2)
    mime-types (2.4.3)
    net-http-persistent (2.9.4)
    netrc (0.10.3)
    rack (1.6.0)
    rest (3.0.6)
      net-http-persistent (>= 2.9.1)
      netrc
    rest-client (1.8.0)
      http-cookie (>= 1.0.2, < 2.0)
      mime-types (>= 1.16, < 3.0)
      netrc (~> 0.7)
    sinatra (1.1.0)
      rack (~> 1.1)
      tilt (~> 1.1)
    slack-notifier (1.1.0)
    tilt (1.4.1)
    unf (0.1.4)
      unf_ext
    unf_ext (0.0.6)

PLATFORMS
  ruby

DEPENDENCIES
  iron_mq
  json
  rest-client
  sinatra (= 1.1.0)
  slack-notifier
